PATH
  remote: .
  specs:
    avro-wrapper (0.0.1)
      avro (>= 1.7.7)

GEM
  remote: https://rubygems.org/
  specs:
    avro (1.7.7)
      multi_json
    diff-lcs (1.2.5)
    multi_json (1.11.2)
    rspec (3.2.0)
      rspec-core (~> 3.2.0)
      rspec-expectations (~> 3.2.0)
      rspec-mocks (~> 3.2.0)
    rspec-core (3.2.3)
      rspec-support (~> 3.2.0)
    rspec-expectations (3.2.1)
      diff-lcs (>= 1.2.0, < 2.0)
      rspec-support (~> 3.2.0)
    rspec-mocks (3.2.1)
      diff-lcs (>= 1.2.0, < 2.0)
      rspec-support (~> 3.2.0)
    rspec-support (3.2.2)

PLATFORMS
  ruby

DEPENDENCIES
  avro-wrapper!
  rspec (>= 3.2.0)
